GEM
  remote: https://rubygems.org/
  specs:
    awesome_print (1.8.0)
    mini_portile2 (2.1.0)
    nokogiri (1.6.8)
      mini_portile2 (~> 2.1.0)
      pkg-config (~> 1.1.7)
    pkg-config (1.1.7)
    rubyXL (3.3.26)
      nokogiri (>= 1.4.4)
      rubyzip (>= 1.1.6)
    rubyzip (1.2.1)

PLATFORMS
  ruby

DEPENDENCIES
  awesome_print
  rubyXL

RUBY VERSION
   ruby 2.3.0p0

BUNDLED WITH
   1.15.3
